GEM
  remote: https://rubygems.org/
  specs:
    cowsay (0.3.0)
    mustermann (1.0.3)
    rack (2.0.8)
    rack-protection (2.0.7)
      rack
    sinatra (2.0.7)
      mustermann (~> 1.0)
      rack (~> 2.0)
      rack-protection (= 2.0.7)
      tilt (~> 2.0)
    tilt (2.0.10)

PLATFORMS
  ruby

DEPENDENCIES
  cowsay (~> 0.3.0)
  rack (~> 2.0, >= 2.0.8)
  sinatra (~> 2.0, >= 2.0.5)

BUNDLED WITH
   1.17.3
